PATH
  remote: .
  specs:
    ronn (0.7.4)
      hpricot (~> 0.8.2)
      mustache (~> 1.0.5)
      rdiscount (~> 2.2.0.1)

GEM
  remote: https://rubygems.org/
  specs:
    hpricot (0.8.6)
    minitest (5.10.1)
    minitest-ci (3.3.0)
      minitest (>= 5.0.6)
    mustache (1.0.5)
    power_assert (1.1.1)
    rake (12.0.0)
    rdiscount (2.2.0.1)
    test-unit (3.2.6)
      power_assert

PLATFORMS
  ruby

DEPENDENCIES
  minitest-ci
  rake (~> 12.0.0)
  ronn!
  test-unit (~> 3.2.6)

BUNDLED WITH
   1.16.0
